PATH
  remote: .
  specs:
    qdumpfs (1.0.0)

GEM
  remote: https://rubygems.org/
  specs:
    minitest (5.14.3)
    rake (13.0.3)

PLATFORMS
  ruby
  x64-mingw32

DEPENDENCIES
  bundler (~> 1.17)
  minitest (~> 5.0)
  qdumpfs!
  rake (>= 12.3.3)

BUNDLED WITH
   1.17.2
