PATH
  remote: .
  specs:
    qdumpfs (1.8.0)

GEM
  remote: https://rubygems.org/
  specs:
    minitest (5.25.1)
    rake (13.2.1)

PLATFORMS
  x64-mingw32
  x86_64-darwin-22
  x86_64-darwin-23

DEPENDENCIES
  bundler (~> 2.0)
  minitest (~> 5.0)
  qdumpfs!
  rake (>= 12.3.3)

BUNDLED WITH
   2.3.27
