PATH
  remote: .
  specs:
    qdumpfs (0.3.0)

GEM
  remote: https://rubygems.org/
  specs:
    minitest (5.14.0)
    rake (13.0.1)

PLATFORMS
  ruby
  x64-mingw32

DEPENDENCIES
  bundler (~> 1.17)
  minitest (~> 5.0)
  qdumpfs!
  rake (~> 13.0)

BUNDLED WITH
   1.17.2
