PATH
  remote: .
  specs:
    qdumpfs (1.11.0)

GEM
  remote: https://rubygems.org/
  specs:
    minitest (5.25.4)
    rake (13.2.1)

PLATFORMS
  x86_64-darwin-24

DEPENDENCIES
  bundler (~> 2.0)
  minitest (~> 5.0)
  qdumpfs!
  rake (>= 12.3.3)

BUNDLED WITH
   2.4.19
