PATH
  remote: .
  specs:
    qdumpfs (1.2.0)

GEM
  remote: https://rubygems.org/
  specs:
    minitest (5.15.0)
    rake (13.0.6)

PLATFORMS
  x86_64-darwin-21

DEPENDENCIES
  bundler (~> 2.0)
  minitest (~> 5.0)
  qdumpfs!
  rake (>= 12.3.3)

BUNDLED WITH
   2.3.8
