PATH
  remote: .
  specs:
    qdumpfs (1.5.0)

GEM
  remote: https://rubygems.org/
  specs:
    minitest (5.19.0)
    rake (13.0.6)

PLATFORMS
  x64-mingw32

DEPENDENCIES
  bundler (~> 2.0)
  minitest (~> 5.0)
  qdumpfs!
  rake (>= 12.3.3)

BUNDLED WITH
   2.2.33
